GEM
  specs:
    vimrunner (0.3.0)

PLATFORMS
  ruby

DEPENDENCIES
  vimrunner
